GEM
  remote: https://rubygems.org/
  specs:
    htmlentities (4.3.4)
    mini_portile (0.6.2)
    nokogiri (1.6.6.2)
      mini_portile (~> 0.6.0)
    sqlite3 (1.3.10)

PLATFORMS
  ruby

DEPENDENCIES
  htmlentities
  nokogiri
  sqlite3
